GEM
  remote: https://rubygems.org/
  specs:
    commonjs (0.2.7)
    daemons (1.1.9)
    erubis (2.7.0)
    eventmachine (1.0.3)
    less (2.4.0)
      commonjs (~> 0.2.7)
    libv8 (3.16.14.3)
    minitest (2.6.2)
    oj (2.4.0)
    open4 (1.3.0)
    openpgp (0.0.3)
      open4 (>= 1.0.1)
    rack (1.5.2)
    rack-less (3.0.2)
      less (~> 2.0)
      rack (~> 1.0)
    rack-protection (1.5.1)
      rack
    rack-test (0.6.2)
      rack (>= 1.0)
    rake (10.1.0)
    ref (1.0.5)
    rr (1.1.2)
    shotgun (0.9)
      rack (>= 1.0)
    sinatra (1.4.4)
      rack (~> 1.4)
      rack-protection (~> 1.4)
      tilt (~> 1.3, >= 1.3.4)
    therubyracer (0.12.0)
      libv8 (~> 3.16.14.0)
      ref
    thin (1.6.1)
      daemons (>= 1.0.9)
      eventmachine (>= 1.0.0)
      rack (>= 1.0.0)
    tilt (1.4.1)

PLATFORMS
  ruby

DEPENDENCIES
  erubis (~> 2.7.0)
  less
  minitest (~> 2.6.0)
  oj
  openpgp
  rack-less
  rack-test
  rake
  rr
  shotgun
  sinatra
  therubyracer
  thin
