GIT
  remote: git://github.com/padrino/padrino-framework.git
  revision: 509fafc67be53a6dcc065bc06576394067c4aefd
  specs:
    padrino (0.12.0.rc)
      padrino-admin (= 0.12.0.rc)
      padrino-cache (= 0.12.0.rc)
      padrino-core (= 0.12.0.rc)
      padrino-gen (= 0.12.0.rc)
      padrino-helpers (= 0.12.0.rc)
      padrino-mailer (= 0.12.0.rc)
    padrino-admin (0.12.0.rc)
      padrino-core (= 0.12.0.rc)
      padrino-helpers (= 0.12.0.rc)
    padrino-cache (0.12.0.rc)
      moneta (~> 0.7.0)
      padrino-core (= 0.12.0.rc)
      padrino-helpers (= 0.12.0.rc)
    padrino-core (0.12.0.rc)
      activesupport (>= 3.1)
      http_router (~> 0.11.0)
      rack-protection (>= 1.5.0)
      sinatra (~> 1.4.2)
      thor (~> 0.17.0)
      tilt (~> 1.4.1)
    padrino-gen (0.12.0.rc)
      bundler (~> 1.0)
      padrino-core (= 0.12.0.rc)
    padrino-helpers (0.12.0.rc)
      i18n (~> 0.6)
      padrino-core (= 0.12.0.rc)
    padrino-mailer (0.12.0.rc)
      mail (~> 2.5.3)
      padrino-core (= 0.12.0.rc)

GEM
  remote: https://rubygems.org/
  specs:
    activemodel (3.2.16)
      activesupport (= 3.2.16)
      builder (~> 3.0.0)
    activerecord (3.2.16)
      activemodel (= 3.2.16)
      activesupport (= 3.2.16)
      arel (~> 3.0.2)
      tzinfo (~> 0.3.29)
    activesupport (3.2.16)
      i18n (~> 0.6, >= 0.6.4)
      multi_json (~> 1.0)
    arel (3.0.3)
    builder (3.0.4)
    commonjs (0.2.7)
    daemons (1.1.9)
    erubis (2.7.0)
    eventmachine (1.0.3)
    http_router (0.11.0)
      rack (>= 1.0.0)
      url_mount (~> 0.2.1)
    i18n (0.6.9)
    less (2.4.0)
      commonjs (~> 0.2.7)
    libv8 (3.16.14.3)
    mail (2.5.4)
      mime-types (~> 1.16)
      treetop (~> 1.4.8)
    mime-types (1.25.1)
    minitest (2.6.2)
    moneta (0.7.20)
    multi_json (1.8.2)
    oj (2.3.0)
    polyglot (0.3.3)
    rack (1.5.2)
    rack-less (3.0.2)
      less (~> 2.0)
      rack (~> 1.0)
    rack-protection (1.5.1)
      rack
    rack-test (0.6.2)
      rack (>= 1.0)
    rake (10.1.0)
    ref (1.0.5)
    rr (1.1.2)
    shotgun (0.9)
      rack (>= 1.0)
    sinatra (1.4.4)
      rack (~> 1.4)
      rack-protection (~> 1.4)
      tilt (~> 1.3, >= 1.3.4)
    sqlite3 (1.3.8)
    therubyracer (0.12.0)
      libv8 (~> 3.16.14.0)
      ref
    thin (1.6.1)
      daemons (>= 1.0.9)
      eventmachine (>= 1.0.0)
      rack (>= 1.0.0)
    thor (0.17.0)
    tilt (1.4.1)
    treetop (1.4.15)
      polyglot
      polyglot (>= 0.3.1)
    tzinfo (0.3.38)
    url_mount (0.2.1)
      rack

PLATFORMS
  ruby

DEPENDENCIES
  activerecord (>= 3.1)
  erubis (~> 2.7.0)
  less
  minitest (~> 2.6.0)
  oj
  padrino!
  rack-less
  rack-test
  rake
  rr
  shotgun
  sqlite3
  therubyracer
  thin
